GEM
  remote: https://rubygems.org/
  specs:
    addressable (2.5.2)
      public_suffix (>= 2.0.2, < 4.0)
    buftok (0.2.0)
    colorator (1.1.0)
    domain_name (0.5.20170404)
      unf (>= 0.0.5, < 1.0.0)
    equalizer (0.0.11)
    execjs (2.7.0)
    faraday (0.11.0)
      multipart-post (>= 1.2, < 3)
    fastimage (2.1.1)
    ffi (1.9.23)
    forwardable-extended (2.6.0)
    htmlbeautifier (1.3.1)
    http (2.2.2)
      addressable (~> 2.3)
      http-cookie (~> 1.0)
      http-form_data (~> 1.0.1)
      http_parser.rb (~> 0.6.0)
    http-cookie (1.0.3)
      domain_name (~> 0.5)
    http-form_data (1.0.3)
    http_parser.rb (0.6.0)
    httparty (0.15.7)
      multi_xml (>= 0.5.2)
    jekyll (3.4.2)
      addressable (~> 2.4)
      colorator (~> 1.0)
      jekyll-sass-converter (~> 1.0)
      jekyll-watch (~> 1.1)
      kramdown (~> 1.3)
      liquid (~> 3.0)
      mercenary (~> 0.3.3)
      pathutil (~> 0.9)
      rouge (~> 1.7)
      safe_yaml (~> 1.0)
    jekyll-archives (2.1.1)
      jekyll (>= 2.4)
    jekyll-crosspost-to-medium (0.1.15)
      http (~> 2.0)
      jekyll (>= 2.0, < 4.0)
      json (~> 2.0)
    jekyll-include-cache (0.1.0)
      jekyll (~> 3.3)
    jekyll-paginate-v2 (1.9.4)
      jekyll (~> 3.0)
    jekyll-redirect-from (0.13.0)
      jekyll (~> 3.3)
    jekyll-sass-converter (1.5.2)
      sass (~> 3.4)
    jekyll-seo-tag (2.4.0)
      jekyll (~> 3.3)
    jekyll-sitemap (1.2.0)
      jekyll (~> 3.3)
    jekyll-tagging (1.1.0)
      nuggets
    jekyll-tagging-related_posts (1.0.0)
      jekyll (~> 3.0)
      jekyll-tagging (~> 1.0)
    jekyll-time-to-read (0.1.2)
      jekyll
    jekyll-typogrify (0.3.3)
      titlecase
      typogruby
    jekyll-watch (1.5.1)
      listen (~> 3.0)
    jekyll-webmention_io (2.9.1)
      htmlbeautifier (~> 1.1)
      http (~> 2.0)
      jekyll (>= 2.0, < 4.0)
      json (~> 2.0)
      openssl (~> 2.0)
      string_inflection (~> 0.1)
      uglifier (~> 3.2)
      webmention (~> 0.1.6)
    json (2.1.0)
    kramdown (1.16.2)
    launchy (2.4.3)
      addressable (~> 2.3)
    link_header (0.0.8)
    liquid (3.0.6)
    listen (3.1.5)
      rb-fsevent (~> 0.9, >= 0.9.4)
      rb-inotify (~> 0.9, >= 0.9.7)
      ruby_dep (~> 1.2)
    memoizable (0.4.2)
      thread_safe (~> 0.3, >= 0.3.1)
    mercenary (0.3.6)
    mini_portile2 (2.3.0)
    multi_xml (0.6.0)
    multipart-post (2.0.0)
    naught (1.1.0)
    nokogiri (1.8.2)
      mini_portile2 (~> 2.3.0)
    nuggets (1.5.0)
    octopress-date-format (3.0.3)
      jekyll (>= 2.0)
    openssl (2.1.0)
    pathutil (0.16.1)
      forwardable-extended (~> 2.6)
    public_suffix (3.0.2)
    rb-fsevent (0.10.3)
    rb-inotify (0.9.10)
      ffi (>= 0.5.0, < 2)
    rouge (1.11.1)
    ruby_dep (1.5.0)
    rubypants (0.7.0)
    safe_yaml (1.0.4)
    sass (3.5.5)
      sass-listen (~> 4.0.0)
    sass-listen (4.0.0)
      rb-fsevent (~> 0.9, >= 0.9.4)
      rb-inotify (~> 0.9, >= 0.9.7)
    simple_oauth (0.3.1)
    string_inflection (0.1.2)
    stringex (2.8.2)
    thread_safe (0.3.6)
    titlecase (0.1.1)
    twitter (6.1.0)
      addressable (~> 2.5)
      buftok (~> 0.2.0)
      equalizer (= 0.0.11)
      faraday (~> 0.11.0)
      http (~> 2.1)
      http_parser.rb (~> 0.6.0)
      memoizable (~> 0.4.2)
      naught (~> 1.1)
      simple_oauth (~> 0.3.1)
    typogruby (1.0.18)
      rubypants
    uglifier (3.2.0)
      execjs (>= 0.3.0, < 3)
    unf (0.1.4)
      unf_ext
    unf_ext (0.0.7.5)
    webmention (0.1.6)
      httparty (~> 0.15.5)
      json
      link_header (~> 0.0.8)
      nokogiri

PLATFORMS
  ruby

DEPENDENCIES
  fastimage
  jekyll (= 3.4.2)
  jekyll-archives
  jekyll-crosspost-to-medium
  jekyll-include-cache
  jekyll-paginate-v2
  jekyll-redirect-from
  jekyll-seo-tag
  jekyll-sitemap
  jekyll-tagging
  jekyll-tagging-related_posts
  jekyll-time-to-read
  jekyll-typogrify
  jekyll-webmention_io
  launchy
  nokogiri
  octopress-date-format
  stringex
  twitter

RUBY VERSION
   ruby 2.4.0p0

BUNDLED WITH
   1.16.0
