GEM
  remote: https://rubygems.org/
  specs:
    activesupport (5.2.1)
      concurrent-ruby (~> 1.0, >= 1.0.2)
      i18n (>= 0.7, < 2)
      minitest (~> 5.1)
      tzinfo (~> 1.1)
    addressable (2.5.2)
      public_suffix (>= 2.0.2, < 4.0)
    buftok (0.2.0)
    colorator (1.1.0)
    colorize (0.8.1)
    concurrent-ruby (1.0.5)
    domain_name (0.5.20180417)
      unf (>= 0.0.5, < 1.0.0)
    equalizer (0.0.11)
    ethon (0.11.0)
      ffi (>= 1.3.0)
    execjs (2.7.0)
    faraday (0.11.0)
      multipart-post (>= 1.2, < 3)
    fastimage (2.1.4)
    ffi (1.9.25)
    forwardable-extended (2.6.0)
    html-proofer (3.9.2)
      activesupport (>= 4.2, < 6.0)
      addressable (~> 2.3)
      colorize (~> 0.8)
      mercenary (~> 0.3.2)
      nokogiri (~> 1.8.1)
      parallel (~> 1.3)
      typhoeus (~> 1.3)
      yell (~> 2.0)
    htmlbeautifier (1.3.1)
    http (2.2.2)
      addressable (~> 2.3)
      http-cookie (~> 1.0)
      http-form_data (~> 1.0.1)
      http_parser.rb (~> 0.6.0)
    http-cookie (1.0.3)
      domain_name (~> 0.5)
    http-form_data (1.0.3)
    http_parser.rb (0.6.0)
    httparty (0.15.7)
      multi_xml (>= 0.5.2)
    i18n (1.1.1)
      concurrent-ruby (~> 1.0)
    jekyll (3.6.3)
      addressable (~> 2.4)
      colorator (~> 1.0)
      jekyll-sass-converter (~> 1.0)
      jekyll-watch (~> 1.1)
      kramdown (~> 1.14)
      liquid (~> 4.0)
      mercenary (~> 0.3.3)
      pathutil (~> 0.9)
      rouge (>= 1.7, < 3)
      safe_yaml (~> 1.0)
    jekyll-archives (2.1.1)
      jekyll (>= 2.4)
    jekyll-crosspost-to-medium (0.1.15)
      http (~> 2.0)
      jekyll (>= 2.0, < 4.0)
      json (~> 2.0)
    jekyll-include-cache (0.1.0)
      jekyll (~> 3.3)
    jekyll-inline-svg (1.1.1)
      jekyll (~> 3.3)
      svg_optimizer (= 0.1.0)
    jekyll-paginate-v2 (2.0.0)
      jekyll (~> 3.0)
    jekyll-redirect-from (0.14.0)
      jekyll (~> 3.3)
    jekyll-sass-converter (1.5.2)
      sass (~> 3.4)
    jekyll-seo-tag (2.5.0)
      jekyll (~> 3.3)
    jekyll-sitemap (1.2.0)
      jekyll (~> 3.3)
    jekyll-tagging (1.1.0)
      nuggets
    jekyll-tagging-related_posts (1.0.0)
      jekyll (~> 3.0)
      jekyll-tagging (~> 1.0)
    jekyll-time-to-read (0.1.2)
      jekyll
    jekyll-typogrify (0.3.5)
      titlecase
      typogruby
    jekyll-watch (1.5.1)
      listen (~> 3.0)
    jekyll-webmention_io (3.3.3)
      htmlbeautifier (~> 1.1)
      jekyll (>= 3.2.0, < 4.0)
      json (~> 2.0)
      openssl (~> 2.0)
      string_inflection (~> 0.1)
      uglifier (~> 4.1)
      webmention (~> 0.1.6)
    json (2.1.0)
    kramdown (1.17.0)
    launchy (2.4.3)
      addressable (~> 2.3)
    link_header (0.0.8)
    liquid (4.0.1)
    listen (3.1.5)
      rb-fsevent (~> 0.9, >= 0.9.4)
      rb-inotify (~> 0.9, >= 0.9.7)
      ruby_dep (~> 1.2)
    memoizable (0.4.2)
      thread_safe (~> 0.3, >= 0.3.1)
    mercenary (0.3.6)
    mini_portile2 (2.3.0)
    minitest (5.11.3)
    multi_xml (0.6.0)
    multipart-post (2.0.0)
    naught (1.1.0)
    nokogiri (1.8.5)
      mini_portile2 (~> 2.3.0)
    nuggets (1.6.0)
    octopress-date-format (3.0.3)
      jekyll (>= 2.0)
    openssl (2.1.2)
    parallel (1.12.1)
    pathutil (0.16.2)
      forwardable-extended (~> 2.6)
    public_suffix (3.0.3)
    rb-fsevent (0.10.3)
    rb-inotify (0.9.10)
      ffi (>= 0.5.0, < 2)
    rouge (2.2.1)
    ruby_dep (1.5.0)
    rubypants (0.7.0)
    safe_yaml (1.0.4)
    sass (3.7.2)
      sass-listen (~> 4.0.0)
    sass-listen (4.0.0)
      rb-fsevent (~> 0.9, >= 0.9.4)
      rb-inotify (~> 0.9, >= 0.9.7)
    simple_oauth (0.3.1)
    string_inflection (0.1.2)
    stringex (2.8.4)
    svg_optimizer (0.1.0)
      nokogiri
    thread_safe (0.3.6)
    titlecase (0.1.1)
    twitter (6.1.0)
      addressable (~> 2.5)
      buftok (~> 0.2.0)
      equalizer (= 0.0.11)
      faraday (~> 0.11.0)
      http (~> 2.1)
      http_parser.rb (~> 0.6.0)
      memoizable (~> 0.4.2)
      naught (~> 1.1)
      simple_oauth (~> 0.3.1)
    typhoeus (1.3.0)
      ethon (>= 0.9.0)
    typogruby (1.0.18)
      rubypants
    tzinfo (1.2.5)
      thread_safe (~> 0.1)
    uglifier (4.1.20)
      execjs (>= 0.3.0, < 3)
    unf (0.1.4)
      unf_ext
    unf_ext (0.0.7.5)
    webmention (0.1.6)
      httparty (~> 0.15.5)
      json
      link_header (~> 0.0.8)
      nokogiri
    yell (2.0.7)

PLATFORMS
  ruby

DEPENDENCIES
  fastimage
  html-proofer
  jekyll (= 3.6.3)
  jekyll-archives
  jekyll-crosspost-to-medium
  jekyll-include-cache
  jekyll-inline-svg
  jekyll-paginate-v2
  jekyll-redirect-from
  jekyll-seo-tag
  jekyll-sitemap
  jekyll-tagging
  jekyll-tagging-related_posts
  jekyll-time-to-read
  jekyll-typogrify
  jekyll-webmention_io
  kramdown
  launchy
  nokogiri
  octopress-date-format
  rouge
  stringex
  twitter

RUBY VERSION
   ruby 2.4.0p0

BUNDLED WITH
   1.16.1
